GEM
  remote: https://rubygems.org/
  specs:
    asciidoctor (2.0.10)
    asciidoctor-revealjs (2.0.0)
      asciidoctor (>= 1.5.6, < 2.1)
      concurrent-ruby (~> 1.0)
      thread_safe (~> 0.3.5)
    concurrent-ruby (1.1.5)
    multi_json (1.13.1)
    pygments.rb (1.2.1)
      multi_json (>= 1.0.0)
    thread_safe (0.3.6)

PLATFORMS
  ruby

DEPENDENCIES
  asciidoctor-revealjs
  pygments.rb

BUNDLED WITH
   1.17.2
